GEM
  remote: https://rubygems.org/
  specs:
    allison (2.0.3)
    apachelogregex (0.1.0)
      echoe (>= 3.1)
      rake (>= 0.8)
    echoe (4.6.5)
      allison (>= 2.0.3)
      rake (>= 0.9.2)
      rdoc (>= 2.5.11)
      rubyforge (>= 2.0.4)
    json (1.8.1)
    json_pure (1.8.1)
    rake (10.1.1)
    rdoc (4.1.1)
      json (~> 1.4)
    rubyforge (2.0.4)
      json_pure (>= 1.1.7)
    trollop (2.0)

PLATFORMS
  ruby

DEPENDENCIES
  apachelogregex
  trollop
